GEM
  remote: https://rubygems.org/
  specs:
    dxruby (1.4.5)

PLATFORMS
  x64-mingw32

DEPENDENCIES
  dxruby

BUNDLED WITH
   1.16.1
